GEM
  remote: https://rubygems.org/
  specs:
    atk (4.2.0)
      glib2 (= 4.2.0)
    cairo (1.17.13)
      native-package-installer (>= 1.0.3)
      pkg-config (>= 1.2.2)
      red-colors
    cairo-gobject (4.2.0)
      cairo (>= 1.16.2)
      glib2 (= 4.2.0)
    fiddle (1.1.2)
    gdk3 (4.2.0)
      cairo-gobject (= 4.2.0)
      gdk_pixbuf2 (= 4.2.0)
      pango (= 4.2.0)
    gdk_pixbuf2 (4.2.0)
      gio2 (= 4.2.0)
    gio2 (4.2.0)
      fiddle
      gobject-introspection (= 4.2.0)
    glib2 (4.2.0)
      native-package-installer (>= 1.0.3)
      pkg-config (>= 1.3.5)
    gobject-introspection (4.2.0)
      glib2 (= 4.2.0)
    gtk3 (4.2.0)
      atk (= 4.2.0)
      gdk3 (= 4.2.0)
    matrix (0.4.2)
    native-package-installer (1.1.9)
    pango (4.2.0)
      cairo-gobject (= 4.2.0)
      gobject-introspection (= 4.2.0)
    pkg-config (1.5.6)
    red-colors (0.3.0)
      matrix
    webkit2-gtk (4.2.0)
      gtk3 (= 4.2.0)

PLATFORMS
  ruby

DEPENDENCIES
  gtk3
  webkit2-gtk

BUNDLED WITH
   2.0.2
